GEM
  remote: http://rubygems.org/
  specs:
    activemodel (3.1.3)
      activesupport (= 3.1.3)
      builder (~> 3.0.0)
      i18n (~> 0.6)
    activerecord (3.1.3)
      activemodel (= 3.1.3)
      activesupport (= 3.1.3)
      arel (~> 2.2.1)
      tzinfo (~> 0.3.29)
    activesupport (3.1.3)
      multi_json (~> 1.0)
    arel (2.2.1)
    builder (3.0.0)
    ffi (1.0.11)
    git (1.2.5)
    guard (0.9.1)
      ffi (>= 0.5.0)
      thor (~> 0.14.6)
    guard-test (0.4.2)
      guard (>= 0.4)
      test-unit (~> 2.2)
    i18n (0.6.0)
    jeweler (1.6.4)
      bundler (~> 1.0)
      git (>= 1.2.5)
      rake
    json (1.6.3)
    libnotify (0.6.0)
    macaddr (1.5.0)
      systemu (>= 2.4.0)
    mime-types (1.17.2)
    multi_json (1.0.4)
    rake (0.9.2.2)
    rb-inotify (0.8.8)
      ffi (>= 0.5.0)
    rcov (0.9.11)
    rdoc (3.12)
      json (~> 1.4)
    rest-client (1.6.7)
      mime-types (>= 1.16)
    shoulda (2.11.3)
    sqlite3 (1.3.5)
    systemu (2.4.2)
    test-unit (2.4.3)
    thor (0.14.6)
    tzinfo (0.3.31)
    uuid (2.3.4)
      macaddr (~> 1.0)

PLATFORMS
  ruby

DEPENDENCIES
  activerecord (>= 3.0.0)
  bundler (~> 1.0.0)
  guard-test
  jeweler (~> 1.6.4)
  libnotify
  multi_json
  rb-inotify
  rcov
  rdoc
  rest-client
  shoulda
  sqlite3
  uuid
